GIT
  remote: git://github.com/heroku/fernet-rb.git
  revision: 91ff503b76420d6d2323dd21a3d7b47de2d28e07
  branch: legacy_v1.5
  specs:
    legacy-fernet (1.5)

GEM
  remote: https://rubygems.org/
  specs:
    POpen4 (0.1.4)
      Platform (>= 0.4.0)
      open4
    Platform (0.4.0)
    addressable (2.3.6)
    backports (3.6.6)
    bourbon (4.0.2)
      sass (~> 3.3)
      thor
    capybara (2.7.1)
      addressable
      mime-types (>= 1.16)
      nokogiri (>= 1.3.3)
      rack (>= 1.0.0)
      rack-test (>= 0.5.4)
      xpath (~> 2.0)
    coderay (1.1.0)
    coffee-script (2.3.0)
      coffee-script-source
      execjs
    coffee-script-source (1.8.0)
    crack (0.4.2)
      safe_yaml (~> 1.0.0)
    excon (0.45.4)
    execjs (2.2.2)
    fernet (2.2)
      valcro (= 0.1)
    hike (1.2.1)
    jwt (1.5.1)
    method_source (0.8.2)
    mime-types (3.1)
      mime-types-data (~> 3.2015)
    mime-types-data (3.2016.0521)
    mini_portile2 (2.1.0)
    minitest (5.4.3)
    multi_json (1.11.2)
    nokogiri (1.6.8)
      mini_portile2 (~> 2.1.0)
      pkg-config (~> 1.1.7)
    oj (2.0.0)
    open4 (1.3.0)
    pkg-config (1.1.7)
    pry (0.10.1)
      coderay (~> 1.1.0)
      method_source (~> 0.8.1)
      slop (~> 3.4)
    puma (1.6.3)
      rack (~> 1.2)
    rack (1.6.4)
    rack-flash3 (1.0.3)
      rack
    rack-instruments (0.3.2)
      slides (~> 0.2.0)
    rack-protection (1.5.3)
      rack
    rack-ssl (1.3.2)
      rack
    rack-test (0.6.3)
      rack (>= 1.0)
    rack_csrf (2.4.0)
      rack (>= 0.9)
    rake (10.4.2)
    rollbar (2.6.0)
      multi_json
    rr (1.0.4)
    safe_yaml (1.0.4)
    sass (3.4.7)
    sinatra (1.4.6)
      rack (~> 1.4)
      rack-protection (~> 1.4)
      tilt (>= 1.3, < 3)
    sinatra-contrib (1.4.6)
      backports (>= 2.0)
      multi_json
      rack-protection
      rack-test
      sinatra (~> 1.4.0)
      tilt (>= 1.3, < 3)
    sinatra-router (0.2.3)
      sinatra (~> 1.4)
    slides (0.2.0)
    slim (1.3.5)
      temple (~> 0.5.5)
      tilt (~> 1.3.3)
    slop (3.6.0)
    sprockets (2.8.1)
      hike (~> 1.2)
      multi_json (~> 1.0)
      rack (~> 1.0)
      tilt (~> 1.1, != 1.3.0)
    sprockets-sass (1.0.1)
      sprockets (~> 2.0)
      tilt (~> 1.1)
    temple (0.5.5)
    thor (0.19.1)
    tilt (1.3.7)
    timecop (0.3.5)
    valcro (0.1)
    webmock (1.18.0)
      addressable (>= 2.3.6)
      crack (>= 0.3.2)
    xpath (2.0.0)
      nokogiri (~> 1.3)
    yui-compressor (0.9.6)
      POpen4 (>= 0.1.4)

PLATFORMS
  ruby

DEPENDENCIES
  addressable
  bourbon
  capybara
  coffee-script
  excon
  fernet
  jwt
  legacy-fernet!
  minitest
  multi_json
  oj
  pry
  puma
  rack
  rack-flash3
  rack-instruments
  rack-ssl
  rack-test
  rack_csrf
  rake
  rollbar
  rr
  sinatra
  sinatra-contrib
  sinatra-router
  slim
  sprockets
  sprockets-sass
  timecop
  webmock
  yui-compressor

RUBY VERSION
   ruby 2.3.1p112

BUNDLED WITH
   1.12.5
