GEM
  remote: https://rubygems.org/
  specs:
    POpen4 (0.1.4)
      Platform (>= 0.4.0)
      open4
    Platform (0.4.0)
    addressable (2.3.6)
    backports (3.6.3)
    bourbon (4.0.2)
      sass (~> 3.3)
      thor
    coffee-script (2.3.0)
      coffee-script-source
      execjs
    coffee-script-source (1.8.0)
    crack (0.4.2)
      safe_yaml (~> 1.0.0)
    eventmachine (1.0.4)
    excon (0.44.1)
    execjs (2.2.2)
    fernet (1.5)
    hike (1.2.1)
    minitest (5.4.3)
    multi_json (1.10.1)
    oj (2.0.0)
    open4 (1.3.0)
    puma (1.6.3)
      rack (~> 1.2)
    rack (1.6.2)
    rack-flash3 (1.0.3)
      rack
    rack-instruments (0.3.2)
      slides (~> 0.2.0)
    rack-protection (1.3.2)
      rack
    rack-ssl (1.3.2)
      rack
    rack-test (0.6.2)
      rack (>= 1.0)
    rack_csrf (2.4.0)
      rack (>= 0.9)
    rake (10.4.2)
    rollbar (1.5.1)
      multi_json (~> 1.3)
    rr (1.0.4)
    safe_yaml (1.0.4)
    sass (3.4.7)
    sinatra (1.3.3)
      rack (~> 1.3, >= 1.3.6)
      rack-protection (~> 1.2)
      tilt (~> 1.3, >= 1.3.3)
    sinatra-contrib (1.3.2)
      backports (>= 2.0)
      eventmachine
      rack-protection
      rack-test
      sinatra (~> 1.3.0)
      tilt (~> 1.3)
    sinatra-router (0.2.0)
      sinatra (~> 1.3.3)
    slides (0.2.0)
    slim (1.3.5)
      temple (~> 0.5.5)
      tilt (~> 1.3.3)
    sprockets (2.8.1)
      hike (~> 1.2)
      multi_json (~> 1.0)
      rack (~> 1.0)
      tilt (~> 1.1, != 1.3.0)
    sprockets-sass (1.0.1)
      sprockets (~> 2.0)
      tilt (~> 1.1)
    temple (0.5.5)
    thor (0.19.1)
    tilt (1.3.3)
    timecop (0.3.5)
    webmock (1.18.0)
      addressable (>= 2.3.6)
      crack (>= 0.3.2)
    yui-compressor (0.9.6)
      POpen4 (>= 0.1.4)

PLATFORMS
  ruby

DEPENDENCIES
  addressable
  bourbon
  coffee-script
  excon
  fernet
  minitest
  multi_json
  oj
  puma
  rack
  rack-flash3
  rack-instruments
  rack-ssl
  rack-test
  rack_csrf
  rake
  rollbar
  rr
  sinatra
  sinatra-contrib
  sinatra-router
  slim
  sprockets
  sprockets-sass
  timecop
  webmock
  yui-compressor
